GEM
  remote: https://rubygems.org/
  specs:
    git (1.2.5)
    github-markup (0.7.4)
    jeweler (1.8.4)
      bundler (~> 1.0)
      git (>= 1.2.5)
      rake
      rdoc
    json (1.7.4)
    rake (0.9.2.2)
    rdoc (3.12)
      json (~> 1.4)
    redcarpet (2.1.1)
    yard (0.8.2.1)

PLATFORMS
  ruby

DEPENDENCIES
  github-markup
  jeweler (~> 1.8.4)
  rake
  redcarpet
  yard
